GEM
  specs:
    coderay (1.0.8)
    method_source (0.8.1)
    nxt (0.5.0)
      serialport (~> 1.0.4)
    pry (0.9.10)
      coderay (~> 1.0.5)
      method_source (~> 0.8)
      slop (~> 3.3.1)
    serialport (1.0.4)
    slop (3.3.3)

PLATFORMS
  ruby

DEPENDENCIES
  nxt
  pry
